PATH
  remote: .
  specs:
    toy_robot (0.1.0)

GEM
  remote: https://rubygems.org/
  specs:
    codecov (0.1.14)
      json
      simplecov
      url
    diff-lcs (1.3)
    docile (1.3.1)
    json (2.2.0)
    rake (10.5.0)
    rspec (3.8.0)
      rspec-core (~> 3.8.0)
      rspec-expectations (~> 3.8.0)
      rspec-mocks (~> 3.8.0)
    rspec-core (3.8.0)
      rspec-support (~> 3.8.0)
    rspec-expectations (3.8.3)
      diff-lcs (>= 1.2.0, < 2.0)
      rspec-support (~> 3.8.0)
    rspec-mocks (3.8.0)
      diff-lcs (>= 1.2.0, < 2.0)
      rspec-support (~> 3.8.0)
    rspec-support (3.8.0)
    simplecov (0.16.1)
      docile (~> 1.1)
      json (>= 1.8, < 3)
      simplecov-html (~> 0.10.0)
    simplecov-html (0.10.2)
    url (0.3.2)

PLATFORMS
  ruby

DEPENDENCIES
  bundler (~> 1.17)
  codecov
  rake (~> 10.0)
  rspec (~> 3.0)
  toy_robot!

BUNDLED WITH
   1.17.1
